GEM
  remote: http://rubygems.org/
  specs:
    actionmailer (2.3.14)
      actionpack (= 2.3.14)
    actionpack (2.3.14)
      activesupport (= 2.3.14)
      rack (~> 1.1.0)
    activesupport (2.3.14)
    rack (1.1.3)

PLATFORMS
  ruby

DEPENDENCIES
  actionmailer (~> 2.3)
